GEM
  remote: http://rubygems.org/
  specs:
    addressable (2.2.8)
    dm-core (1.2.0)
      addressable (~> 2.2.6)
    haml (3.1.7)
    mustermann (2.0.2)
      ruby2_keywords (~> 0.0.1)
    rack (2.2.4)
    rack-protection (2.2.3)
      rack
    ruby2_keywords (0.0.5)
    sinatra (2.2.3)
      mustermann (~> 2.0)
      rack (~> 2.2)
      rack-protection (= 2.2.3)
      tilt (~> 2.0)
    tilt (2.0.11)

PLATFORMS
  ruby

DEPENDENCIES
  dm-core
  haml
  sinatra
