GEM
  remote: http://rubygems.org/
  specs:
    addressable (2.2.8)
    dm-core (1.2.0)
      addressable (~> 2.2.6)
    haml (5.0.0)
      temple (>= 0.8.0)
      tilt
    rack (1.4.1)
    rack-protection (1.3.2)
      rack
    sinatra (1.3.3)
      rack (~> 1.3, >= 1.3.6)
      rack-protection (~> 1.2)
      tilt (~> 1.3, >= 1.3.3)
    temple (0.8.2)
    tilt (1.3.3)

PLATFORMS
  ruby

DEPENDENCIES
  dm-core
  haml
  sinatra
