GEM
  remote: http://rubygems.org/
  specs:
    addressable (2.2.8)
    dm-core (1.2.0)
      addressable (~> 2.2.6)
    haml (3.1.7)
    rack (1.6.11)
    rack-protection (1.5.5)
      rack
    sinatra (1.3.3)
      rack (~> 1.3, >= 1.3.6)
      rack-protection (~> 1.2)
      tilt (~> 1.3, >= 1.3.3)
    tilt (1.3.3)

PLATFORMS
  ruby

DEPENDENCIES
  dm-core
  haml
  sinatra
